GEM
  remote: http://rubygems.org/
  specs:
    addressable (2.3.2)
    albino (1.3.3)
      posix-spawn (>= 0.3.6)
    chunky_png (1.2.6)
    classifier (1.3.3)
      fast-stemmer (>= 1.0.0)
    coffee-script (2.2.0)
      coffee-script-source
      execjs
    coffee-script-source (1.3.3)
    compass (0.12.2)
      chunky_png (~> 1.2)
      fssm (>= 0.2.7)
      sass (~> 3.1)
    directory_watcher (1.4.1)
    ejs (1.1.1)
    em-websocket (0.3.8)
      addressable (>= 2.1.1)
      eventmachine (>= 0.12.9)
    eventmachine (1.0.0)
    execjs (1.4.0)
      multi_json (~> 1.0)
    fast-stemmer (1.0.1)
    foreman (0.57.0)
      thor (>= 0.13.6)
    fssm (0.2.9)
    guard (1.3.2)
      listen (>= 0.4.2)
      thor (>= 0.14.6)
    guard-compass (0.0.6)
      compass (>= 0.10.5)
      guard (>= 0.2.1)
    guard-jasmine-headless-webkit (0.3.2)
      guard (>= 0.4.0)
      jasmine-headless-webkit (>= 0.7.0)
    guard-livereload (1.0.0)
      em-websocket (>= 0.2.0)
      guard (>= 1.1.0)
      multi_json (~> 1.0)
    guard-sprockets (0.4.0)
      guard (>= 1.1.0)
      sprockets (~> 2.0)
    hike (1.2.1)
    jasmine-core (1.2.0)
    jasmine-headless-webkit (0.8.4)
      coffee-script
      jasmine-core (~> 1.1)
      multi_json
      rainbow
      sprockets (~> 2)
    jekyll (0.11.2)
      albino (~> 1.3)
      classifier (~> 1.3)
      directory_watcher (~> 1.1)
      kramdown (~> 0.13)
      liquid (~> 2.3)
      maruku (~> 0.5)
    kramdown (0.13.8)
    liquid (2.4.1)
    listen (0.5.0)
    maruku (0.6.0)
      syntax (>= 1.0.0)
    multi_json (1.3.6)
    posix-spawn (0.3.6)
    rack (1.4.1)
    rainbow (1.1.4)
    rb-fsevent (0.9.1)
    sass (3.2.1)
    sprockets (2.5.0)
      hike (~> 1.2)
      multi_json (~> 1.0)
      rack (~> 1.0)
      tilt (~> 1.1, != 1.3.0)
    syntax (1.0.0)
    thor (0.16.0)
    tilt (1.3.3)

PLATFORMS
  ruby

DEPENDENCIES
  ejs
  foreman
  guard
  guard-compass
  guard-jasmine-headless-webkit
  guard-livereload
  guard-sprockets
  jekyll
  rb-fsevent
